REDIRECTS: ON
COPY-LOCAL: TRUE
CONTENT: NONE
RESTRICTION: >= net45
NUGET
  remote: https://www.nuget.org/api/v2
    AngleSharp (0.9.9) - restriction: || (&& (>= net45) (>= netstandard1.6)) (>= net452)
    Anotar.Custom.Fody (3.3.1)
      Fody (>= 2.0 < 3.0)
    Argolis.Models.TunnelVisionLabs (0.3.0-alpha0002)
      Argolis.Models (>= 0.3.0-alpha0002)
      TunnelVisionLabs.Net.UriTemplate (>= 1.0.0-beta004)
    AsyncUsageAnalyzers (1.0.0-alpha003) - restriction: || (&& (>= net45) (>= netstandard1.6)) (>= net452)
    Autofac (4.6.2) - restriction: || (&& (>= net45) (>= netstandard1.6)) (>= net452)
    DatabaseSchemaReader (2.3.3)
    dotNetRDF (1.0.12)
      HtmlAgilityPack (>= 1.4.9)
      Newtonsoft.Json (>= 8.0.3)
      VDS.Common (1.6.4)
    EntityFramework (6.1.3)
    FakeItEasy (4.1.1)
    FluentAssertions (4.19.4)
    Fody (2.2)
    GitVersionTask (3.6.5)
    HtmlAgilityPack (1.6.6)
    ImageResizer (4.1.10)
    ImpromptuInterface (6.2.2)
    InfoOf.Fody (1.1)
      Fody (>= 2.0)
    JetBrains.Annotations (11.1)
    JetBrainsAnnotations.Fody (2.0)
      Fody (>= 2.1.2)
    json-ld.net (1.0.5)
      Newtonsoft.Json (>= 6.0.4)
    Microsoft.Owin (3.1)
      Owin (>= 1.0)
    Microsoft.Owin.Host.SystemWeb (3.1)
      Microsoft.Owin (>= 3.1)
      Owin (>= 1.0)
    Microsoft.Owin.Hosting (3.1)
      Microsoft.Owin (>= 3.1)
      Owin (>= 1.0)
    ModuleInit.Fody (1.6)
      Fody (>= 2.0)
    Nancy (2.0.0-clinteastwood)
    Nancy.Authentication.Forms (2.0.0-clinteastwood) - restriction: || (&& (>= net45) (>= netstandard1.6)) (>= net452)
      AsyncUsageAnalyzers (>= 1.0.0-alpha003) - restriction: || (&& (>= net45) (>= netstandard1.6)) (>= net452)
      Nancy (>= 2.0.0-clinteastwood) - restriction: || (&& (>= net45) (>= netstandard1.6)) (>= net452)
    Nancy.Bootstrappers.Autofac (2.0.0-clinteastwood)
      Autofac (>= 4.0.0-rc3-316) - restriction: || (&& (>= net45) (>= netstandard1.6)) (>= net452)
      Nancy (>= 2.0.0-clinteastwood) - restriction: || (&& (>= net45) (>= netstandard1.6)) (>= net452)
    Nancy.Owin (2.0.0-clinteastwood)
      AsyncUsageAnalyzers (>= 1.0.0-alpha003) - restriction: >= net452
      Nancy (>= 2.0.0-clinteastwood) - restriction: >= net452
      Owin (>= 1.0) - restriction: >= net452
    Nancy.Rdf (0.3)
      dotNetRDF
      JsonLD.Entities (>= 0.3.3)
      Nancy (>= 2.0.0-barneyrubble)
      Rdf.Vocabularies
    Nancy.Routing.UriTemplates (0.1.1)
      Nancy (>= 2.0.0-barneyrubble)
      TunnelVisionLabs.Net.UriTemplate (>= 1.0.0-beta004)
      UriTemplateString
    Nancy.Testing (2.0.0-clinteastwood)
      AngleSharp (>= 0.9.8.1) - restriction: || (&& (>= net45) (>= netstandard1.6)) (>= net452)
      AsyncUsageAnalyzers (>= 1.0.0-alpha003) - restriction: || (&& (>= net45) (>= netstandard1.6)) (>= net452)
      Nancy (>= 2.0.0-clinteastwood) - restriction: || (&& (>= net45) (>= netstandard1.6)) (>= net452)
      Nancy.Authentication.Forms (>= 2.0.0-clinteastwood) - restriction: || (&& (>= net45) (>= netstandard1.6)) (>= net452)
    NDbUnit.Core (1.6.8)
    NDbUnit.SqlClient (1.6.8)
      NDbUnit.Core (>= 1.6.8)
    Newtonsoft.Json (10.0.3)
    NullGuard.Fody (1.6.2)
      Fody (>= 2.1.2)
    NUnit (3.9)
    Owin (1.0)
    r2rml4net (0.4.0-pre01)
      DatabaseSchemaReader (>= 1.2.8)
      dotNetRDF (>= 1.0)
    Rdf.Vocabularies (1.2)
    Resourcer.Fody (1.5.1)
      Fody (>= 2.0)
    SpecFlow (2.2.1)
      Newtonsoft.Json (>= 9.0.1)
    SpecFlow.NUnit (2.2.1)
      NUnit (>= 3.0)
      SpecFlow (2.2.1)
    StyleCop.Analyzers (1.0.2)
    System.Data.SqlLocalDb (1.15)
    TunnelVisionLabs.Net.UriTemplate (1.0.0-beta004)
    UriTemplateString (0.1.1)
    VDS.Common (1.6.4)
  remote: https://ci.appveyor.com/nuget/argolis-hydra
    Argolis.Hydra (0.3.0-alpha0002)
      Argolis.Models (>= 0.3.0-alpha0002)
      JsonLD.Entities (>= 0.3.4)
      Rdf.Vocabularies (>= 1.2)
      TunnelVisionLabs.Net.UriTemplate (>= 1.0.0-beta004)
      UriTemplateString
    Argolis.Hydra.Nancy (0.3.0-alpha0002)
      Argolis.Hydra (>= 0.3.0-alpha0002)
      Nancy.Rdf (>= 0.3)
      Rdf.Vocabularies
    Argolis.Models (0.3.0-alpha0002)
    Argolis.Nancy (0.3.0-alpha0002)
      Argolis.Hydra (>= 0.3.0-alpha0002)
      Argolis.Hydra.Nancy (>= 0.3.0-alpha0002)
      Argolis.Models (>= 0.3.0-alpha0002)
      Nancy (>= 2.0.0-clinteastwood)
      Nancy.Routing.UriTemplates
  remote: https://ci.appveyor.com/nuget/jsonld-entities-aavhsnxi7xjp
    JsonLD.Entities (0.3.5)
      json-ld.net (>= 1.0.5)
      Newtonsoft.Json (>= 9.0)
HTTP
  remote: https://gist.githubusercontent.com
    vocabulary.tt (/tpluscode/5d9c6983004c1c9ec91f/raw/2a5f0785c2686635f1b8ab21af1751d276d02727/vocabulary.tt)
GIST
  remote: tpluscode/a285267d2543466fc35c3a168c846f9f
    FULLPROJECT (c9b7a831e53e929f2ecce09b14a61e28007b669f)