REDIRECTS: ON
COPY-LOCAL: TRUE
CONTENT: NONE
FRAMEWORK: NET40, NET45
NUGET
  remote: https://www.nuget.org/api/v2
  specs:
    Anotar.Custom.Fody (3.0.0)
      Fody (>= 1.29.2)
    Argolis (0.2.0-supported-operat0001)
      JsonLd.Entities (>= 0.3.1)
      Rdf.Vocabularies (>= 1.1.0)
      TunnelVisionLabs.Net.UriTemplate (>= 1.0.0-beta004)
    Argolis.Nancy (0.2.0-supported-operat0001)
      Argolis (>= 0.2.0-supported-operat0001)
      Nancy.Rdf (>= 0.2.0-beta0001)
    Autofac (3.5.2)
    CsQuery (1.3.4)
    DatabaseSchemaReader (1.5.0.5)
    dotNetRDF (1.0.9.3683)
      HtmlAgilityPack (>= 1.4.9)
      Newtonsoft.Json (>= 6.0.8)
      VDS.Common (1.6.0)
    FakeItEasy (1.25.3)
    FluentAssertions (4.2.2)
    Fody (1.29.4)
    GitVersionTask (3.4.1)
    HtmlAgilityPack (1.4.9)
    ImageResizer (4.0.5)
    ImpromptuInterface (6.2.2)
    InfoOf.Fody (1.0.4)
      Fody (>= 1.29.2)
    JetBrainsAnnotations.Fody (1.0.4)
      Fody (>= 1.29.2)
    JsonLd.Entities (0.3.1)
      json-ld.net
    json-ld.net (1.0.4)
      Newtonsoft.Json (>= 4.0.1)
    Microsoft.Owin (3.0.1)
      Owin (>= 1.0)
    Microsoft.Owin.Host.SystemWeb (3.0.1)
      Microsoft.Owin (>= 3.0.1)
      Owin (>= 1.0)
    Microsoft.Owin.Hosting (3.0.1)
      Microsoft.Owin (>= 3.0.1)
      Owin (>= 1.0)
    ModuleInit.Fody (1.5.9)
      Fody (>= 1.29.2)
    Nancy (1.4.3)
    Nancy.Bootstrappers.Autofac (1.4.1)
      Autofac (>= 3.5.2)
      Nancy (>= 1.4.1)
    Nancy.Owin (1.4.1)
      Nancy (>= 1.4.1)
      Owin (>= 1.0)
    Nancy.Rdf (0.2.0-beta0001)
      dotNetRDF
      JsonLd.Entities (>= 0.3.1)
      Nancy
      Rdf.Vocabularies
    Nancy.Testing (1.4.1)
      CsQuery (>= 1.3.3)
      Nancy (>= 1.4.1)
    NDbUnit.Core (1.6.8)
    NDbUnit.SqlClient (1.6.8)
      NDbUnit.Core (>= 1.6.8.0)
    Newtonsoft.Json (8.0.3)
    NullGuard.Fody (1.4.6)
      Fody (>= 1.29.2)
    NUnit (2.6.4)
    Owin (1.0)
    r2rml4net (0.4.0-pre01)
      DatabaseSchemaReader (>= 1.2.8)
      dotNetRDF (>= 1.0.0)
    Rdf.Vocabularies (1.1.0)
    Resourcer.Fody (1.4.1)
      Fody (>= 1.29.2)
    SpecFlow (2.0.0)
    SpecFlow.NUnit (1.1.1)
      NUnit (>= 2.6)
      SpecFlow
    StyleCop.MSBuild (4.7.50)
    StyleCopPlus.MSBuild (4.7.49.5)
      StyleCop.MSBuild (>= 4.7.49.0)
    System.Data.SqlLocalDb (1.14.0)
    TunnelVisionLabs.Net.UriTemplate (1.0.0-beta004)
    VDS.Common (1.6.0)
HTTP
  remote: https://gist.githubusercontent.com
  specs:
    vocabulary.tt (/tpluscode/5d9c6983004c1c9ec91f/raw/2a5f0785c2686635f1b8ab21af1751d276d02727/vocabulary.tt)