REDIRECTS: ON
COPY-LOCAL: TRUE
CONTENT: NONE
RESTRICTION: >= net45
NUGET
  remote: https://www.nuget.org/api/v2
    AngleSharp (0.9.9.1) - restriction: || (&& (>= net45) (>= netstandard1.6)) (>= net452)
    Anotar.Custom.Fody (4.1)
      Fody (>= 2.3.18)
      NETStandard.Library (>= 1.6.1) - restriction: && (>= net45) (< net452)
    AsyncUsageAnalyzers (1.0.0-alpha003) - restriction: >= net452
    Autofac (4.6.2) - restriction: || (&& (>= net45) (>= netstandard1.6)) (>= net452)
    DatabaseSchemaReader (2.5)
    dotNetRDF (2.0.1)
      HtmlAgilityPack (>= 1.6)
      Newtonsoft.Json (>= 10.0.3)
      VDS.Common (>= 1.9)
    Dynamitey (2.0.9.136)
    EntityFramework (6.2)
    FakeItEasy (4.5.1)
    FluentAssertions (5.1.2)
      System.ValueTuple (>= 4.3) - restriction: && (>= net45) (< net47) (< netstandard1.6)
    Fody (2.4.4) - restriction: || (&& (>= net45) (>= netstandard1.4)) (>= net452)
    GitVersionTask (3.6.5)
    HtmlAgilityPack (1.7.1)
    ImageResizer (4.2)
    ImpromptuInterface (6.2.2)
    InfoOf.Fody (1.3.2)
      Fody (>= 2.3.19) - restriction: || (&& (>= net45) (>= netstandard1.4)) (>= net452)
    JetBrains.Annotations (11.1)
    JetBrainsAnnotations.Fody (2.0)
      Fody (>= 2.1.2)
    json-ld.net (1.0.5)
      Newtonsoft.Json (>= 6.0.4)
    JsonLD.Entities (0.3.5)
      Dynamitey (>= 2.0)
      json-ld.net (>= 1.0.5)
      Newtonsoft.Json (>= 9.0)
    Microsoft.NETCore.Platforms (2.0.1) - restriction: || (&& (>= monoandroid) (>= net45)) (&& (>= monotouch) (>= net45)) (&& (>= net45) (>= netcoreapp2.0)) (&& (>= net45) (< netstandard1.0) (>= portable-net451+win81+wpa81)) (&& (>= net45) (< netstandard1.3) (>= wpa81)) (&& (>= net45) (< netstandard1.5) (>= uap10.0)) (&& (>= net45) (< portable-net45+win8+wpa81)) (&& (>= net45) (< portable-net451+win81+wpa81)) (&& (>= net45) (>= uap10.1)) (&& (>= net45) (>= xamarinios)) (&& (>= net45) (>= xamarinmac)) (&& (>= net45) (>= xamarintvos)) (&& (>= net45) (>= xamarinwatchos)) (&& (>= net451) (< net452) (< netstandard1.3)) (&& (< net452) (>= net46) (< netstandard1.4)) (&& (< net452) (>= net461))
    Microsoft.Owin (4.0)
      Owin (>= 1.0)
    Microsoft.Owin.Host.SystemWeb (4.0)
      Microsoft.Owin (>= 4.0)
      Owin (>= 1.0)
    Microsoft.Owin.Hosting (4.0)
      Microsoft.Owin (>= 4.0)
      Owin (>= 1.0)
    ModuleInit.Fody (1.7.1)
      Fody (>= 2.3.18)
      NETStandard.Library (>= 1.6.1) - restriction: && (>= net45) (< net452)
    Nancy (2.0.0-clinteastwood)
    Nancy.Authentication.Forms (2.0.0-clinteastwood) - restriction: || (&& (>= net45) (>= netstandard1.6)) (>= net452)
      AsyncUsageAnalyzers (>= 1.0.0-alpha003) - restriction: || (&& (>= net45) (>= netstandard1.6)) (>= net452)
      Nancy (>= 2.0.0-clinteastwood) - restriction: || (&& (>= net45) (>= netstandard1.6)) (>= net452)
    Nancy.Bootstrappers.Autofac (2.0.0-clinteastwood)
      Autofac (>= 4.0.0-rc3-316) - restriction: || (&& (>= net45) (>= netstandard1.6)) (>= net452)
      Nancy (>= 2.0.0-clinteastwood) - restriction: || (&& (>= net45) (>= netstandard1.6)) (>= net452)
    Nancy.Owin (2.0.0-clinteastwood)
      AsyncUsageAnalyzers (>= 1.0.0-alpha003) - restriction: >= net452
      Nancy (>= 2.0.0-clinteastwood) - restriction: >= net452
      Owin (>= 1.0) - restriction: >= net452
    Nancy.Rdf (0.3)
      dotNetRDF
      JsonLD.Entities (>= 0.3.3)
      Nancy (>= 2.0.0-barneyrubble)
      Rdf.Vocabularies
    Nancy.Routing.UriTemplates (0.1.1)
      Nancy (>= 2.0.0-barneyrubble)
      TunnelVisionLabs.Net.UriTemplate (>= 1.0.0-beta004)
      UriTemplateString
    Nancy.Testing (2.0.0-clinteastwood)
      AngleSharp (>= 0.9.8.1) - restriction: || (&& (>= net45) (>= netstandard1.6)) (>= net452)
      AsyncUsageAnalyzers (>= 1.0.0-alpha003) - restriction: || (&& (>= net45) (>= netstandard1.6)) (>= net452)
      Nancy (>= 2.0.0-clinteastwood) - restriction: || (&& (>= net45) (>= netstandard1.6)) (>= net452)
      Nancy.Authentication.Forms (>= 2.0.0-clinteastwood) - restriction: || (&& (>= net45) (>= netstandard1.6)) (>= net452)
    NDbUnit.Core (1.6.8)
    NDbUnit.SqlClient (1.6.8)
      NDbUnit.Core (>= 1.6.8)
    NETStandard.Library (2.0.1) - restriction: && (>= net45) (< net452)
      Microsoft.NETCore.Platforms (>= 1.1)
      System.Runtime.InteropServices.RuntimeInformation (>= 4.3) - restriction: || (&& (>= net45) (< netstandard1.0) (>= portable-net451+win81+wpa81)) (&& (>= net45) (< netstandard1.3) (>= wpa81)) (&& (>= net45) (< netstandard1.5) (>= uap10.0)) (&& (>= net45) (< portable-net451+win81+wpa81)) (&& (>= net451) (< netstandard1.3)) (&& (>= net46) (< netstandard1.4))
    Newtonsoft.Json (11.0.1)
    NullGuard.Fody (1.7.1)
      Fody (>= 2.4.1) - restriction: || (&& (>= net45) (>= netstandard1.4)) (>= net452)
    NUnit (3.9)
    Owin (1.0)
    r2rml4net (0.4.0-pre01)
      DatabaseSchemaReader (>= 1.2.8)
      dotNetRDF (>= 1.0)
    Rdf.Vocabularies (1.2)
    Resourcer.Fody (1.6.4)
      Fody (>= 2.3.24) - restriction: || (&& (>= net45) (>= netstandard1.4)) (>= net452)
    SpecFlow (2.3.1)
      Newtonsoft.Json (>= 9.0.1)
      System.ValueTuple (>= 4.0.1)
    SpecFlow.NUnit (2.3.1)
      NUnit (>= 3.0)
      SpecFlow (2.3.1)
    StyleCop.Analyzers (1.0.2)
    System.Data.SqlLocalDb (1.15)
    System.Runtime.InteropServices.RuntimeInformation (4.3) - restriction: || (&& (>= net45) (< netstandard1.0) (>= portable-net451+win81+wpa81)) (&& (>= net45) (< netstandard1.3) (>= wpa81)) (&& (>= net45) (< netstandard1.5) (>= uap10.0)) (&& (>= net45) (< portable-net451+win81+wpa81)) (&& (>= net451) (< net452) (< netstandard1.3)) (&& (< net452) (>= net46) (< netstandard1.4))
    System.ValueTuple (4.4) - restriction: && (>= net45) (< net47) (< netstandard1.6)
      NETStandard.Library (>= 1.6.1) - restriction: && (>= net45) (< net461) (< netstandard2.0)
    TunnelVisionLabs.Net.UriTemplate (1.0.0-beta004)
    UriTemplateString (0.2)
    VDS.Common (1.9)
  remote: https://ci.appveyor.com/nuget/argolis-hydra
    Argolis.Hydra (0.3.0-alpha0003)
      Argolis.Models (>= 0.3.0-alpha0003)
      JsonLD.Entities (>= 0.3.4)
      Rdf.Vocabularies (>= 1.2)
      TunnelVisionLabs.Net.UriTemplate (>= 1.0.0-beta004)
      UriTemplateString
    Argolis.Hydra.Nancy (0.3.0-alpha0003)
      Argolis.Hydra (>= 0.3.0-alpha0003)
      Nancy.Rdf (>= 0.3)
      Rdf.Vocabularies
    Argolis.Models (0.3.0-alpha0003)
    Argolis.Models.TunnelVisionLabs (0.3.0-alpha0003)
      Argolis.Models (>= 0.3.0-alpha0003)
      TunnelVisionLabs.Net.UriTemplate (>= 1.0.0-beta004)
    Argolis.Nancy (0.3.0-alpha0003)
      Argolis.Hydra (>= 0.3.0-alpha0003)
      Argolis.Hydra.Nancy (>= 0.3.0-alpha0003)
      Argolis.Models (>= 0.3.0-alpha0003)
      Nancy (>= 2.0.0-clinteastwood)
      Nancy.Routing.UriTemplates
HTTP
  remote: https://gist.githubusercontent.com
    vocabulary.tt (/tpluscode/5d9c6983004c1c9ec91f/raw/2a5f0785c2686635f1b8ab21af1751d276d02727/vocabulary.tt)
GIST
  remote: tpluscode/a285267d2543466fc35c3a168c846f9f
    FULLPROJECT (c9b7a831e53e929f2ecce09b14a61e28007b669f)
