CONTENT: NONE
FRAMEWORK: NET40, NET45
NUGET
  remote: https://www.nuget.org/api/v2
  specs:
    Anotar.Custom.Fody (2.12.0)
      Fody
    CodeAssassin.ConfigTransform (1.2)
    CsQuery (1.3.4)
    DatabaseSchemaReader (1.3.7)
    dotNetRDF (1.0.7.3471)
      HtmlAgilityPack (>= 1.4.9)
      Newtonsoft.Json (>= 6.0.6)
      VDS.Common (1.4.0)
    elmah (1.2.2)
      elmah.corelibrary (>= 1.2.2)
    elmah.corelibrary (1.2.2)
    FakeItEasy (1.24.0)
    FluentAssertions (3.2.2)
    Fody (1.26.4)
    HtmlAgilityPack (1.4.9)
    ImageResizer (3.4.3)
    ImpromptuInterface (6.2.2)
    InfoOf.Fody (0.11.2)
      Fody
    JetBrainsAnnotations.Fody (1.0.2)
      Fody
    json-ld.net (1.0.3)
      Newtonsoft.Json (>= 4.0.1)
    Metrics.NET (0.2.14)
    Microsoft.Owin (3.0.1)
      Owin (>= 1.0)
    Microsoft.Owin.Host.HttpListener (3.0.1)
    Microsoft.Owin.Hosting (3.0.1)
      Microsoft.Owin (>= 3.0.1)
      Owin (>= 1.0)
    ModuleInit.Fody (1.5.6)
      Fody
    Nancy (1.4.3)
    Nancy.Elmah (0.1.8)
      elmah (>= 1.2.2)
      Nancy (>= 0.20.0)
    Nancy.Hosting.Aspnet (0.23.2)
      Nancy (>= 0.23.2)
    Nancy.Metrics (0.2.14)
      Metrics.NET (>= 0.2.13)
      Nancy (>= 0.23.2)
    Nancy.Owin (1.4.1)
      Nancy (>= 1.4.1)
      Owin (>= 1.0)
    Nancy.Testing (0.23.2)
      CsQuery (>= 1.3.3)
      Nancy (>= 0.23.2)
    NDbUnit.Core (1.6.8)
    NDbUnit.SqlClient (1.6.8)
      NDbUnit.Core (>= 1.6.8.0)
    Newtonsoft.Json (6.0.7)
    NullGuard.Fody (1.2.0)
      Fody
    NUnit (2.6.4)
    Owin (1.0)
    r2rml4net (0.4.0-pre01)
      DatabaseSchemaReader (>= 1.2.8)
      dotNetRDF (>= 1.0.0)
    Resourcer.Fody (1.2.0)
      Fody (>= 1.13.8)
    SpecFlow (1.9.0)
    SpecFlow.NUnit (1.1.1)
      NUnit (>= 2.6)
      SpecFlow
    StyleCop.MSBuild (4.7.49)
    StyleCopPlus.MSBuild (4.7.49.4)
      StyleCop.MSBuild (>= 4.7.49.0)
    VDS.Common (1.4.0)
    Zoltu.Versioning (1.1.29)
  remote: https://ci.appveyor.com/nuget/jsonld-entities-aavhsnxi7xjp
  specs:
    JsonLd.Entities (0.2.75.0)
      json-ld.net (>= 1.0)
  remote: https://ci.appveyor.com/nuget/nancy-rdf-kh5o73kjrn37
  specs:
    Nancy.RDF (0.1.14.0)
      JsonLd.Entities
      Nancy (>= 0.23)
GIST
  remote: tpluscode/5d9c6983004c1c9ec91f
  specs:
    FULLPROJECT (77ad64f596b13cb09af65878e67961e1815ffdda)
HTTP
  remote: http://www.w3.org
  specs:
    context.jsonld (/ns/hydra/context.jsonld)