NUGET
  remote: https://www.nuget.org/api/v2
  specs:
    Anotar.Custom.Fody (2.12.0)
      Fody 
    CodeAssassin.ConfigTransform (1.2)
    CsQuery (1.3.4)
    DatabaseSchemaReader (1.3.7.0)
    dotNetRDF (1.0.6.3421)
      HtmlAgilityPack (>= 1.4.6)
      Newtonsoft.Json (>= 6.0.3)
      VDS.Common (1.3.0)
    elmah (1.2.2)
      elmah.corelibrary (>= 1.2.2)
    elmah.corelibrary (1.2.2)
    FakeItEasy (1.24.0)
    FluentAssertions (3.2.2)
    Fody (1.26.4)
    HtmlAgilityPack (1.4.6)
    ImageResizer (3.4.3)
    ImpromptuInterface (6.2.2)
    InfoOf.Fody (0.11.2.0)
      Fody 
    json-ld.net (1.0.3)
      Newtonsoft.Json (>= 4.0.1)
    Metrics.NET (0.2.14)
    Nancy (0.23.2)
    Nancy.Elmah (0.1.8)
      Nancy (>= 0.20.0)
      elmah (>= 1.2.2)
    Nancy.Hosting.Aspnet (0.23.2)
      Nancy (>= 0.23.2)
    Nancy.Metrics (0.2.14)
      Metrics.NET (>= 0.2.13)
      Nancy (>= 0.23.2)
    Nancy.Testing (0.23.2)
      CsQuery (>= 1.3.3)
      Nancy (>= 0.23.2)
    NDbUnit.Core (1.6.8.0)
    NDbUnit.SqlClient (1.6.8.0)
      NDbUnit.Core (>= 1.6.8.0)
    Newtonsoft.Json (6.0.7)
    NullGuard.Fody (1.2.0.0)
      Fody 
    NUnit (2.6.4)
    r2rml4net (0.4.0.0-pre01)
      DatabaseSchemaReader (>= 1.2.8)
      dotNetRDF (>= 1.0.0)
    Resourcer.Fody (1.2.0.0)
      Fody (>= 1.13.8)
    SpecFlow (1.9.0)
    SpecFlow.NUnit (1.1.1)
      NUnit (>= 2.6)
      SpecFlow 
    StyleCop.MSBuild (4.7.49.0)
    StyleCopPlus.MSBuild (4.7.49.4)
      StyleCop.MSBuild (>= 4.7.49.0)
    VDS.Common (1.3.0)
    Zoltu.Versioning (1.1.29.0)
  remote: https://ci.appveyor.com/nuget/jsonld-entities-aavhsnxi7xjp
  specs:
    JsonLd.Entities (0.2.29.0)
      dotNetRDF (>= 1.0.0)
      json-ld.net (>= 1.0)
  remote: https://ci.appveyor.com/nuget/nancy-rdf-kh5o73kjrn37
  specs:
    Nancy.RDF (0.1.5.0)
      JsonLd.Entities 
      Nancy (>= 0.23)
GIST
  remote: tpluscode/5d9c6983004c1c9ec91f
  specs:
    FULLPROJECT (5d9c6983004c1c9ec91f)