NUGET
  remote: https://www.nuget.org/api/v2
  specs:
    Anotar.Custom.Fody (2.12.0)
      Fody (>= 0)
    CsQuery (1.3.4)
    DatabaseSchemaReader (1.3.6.0)
    dotNetRDF (1.0.6.3421)
      HtmlAgilityPack (>= 1.4.6)
      HtmlAgilityPack (>= 1.4.6) - net35
      HtmlAgilityPack (>= 1.4.6) - net40
      Newtonsoft.Json (>= 6.0.3)
      Newtonsoft.Json (>= 6.0.3) - net35
      Newtonsoft.Json (>= 6.0.3) - net40
      VDS.Common (1.3.0)
      VDS.Common (1.3.0) - net35
      VDS.Common (1.3.0) - net40
    FakeItEasy (1.24.0)
    FluentAssertions (3.2.1)
    Fody (1.26.2)
    HtmlAgilityPack (1.4.6)
    InfoOf.Fody (0.11.2.0)
      Fody (>= 0)
    json-ld.net (1.0.3)
      Newtonsoft.Json (>= 4.0.1)
    Nancy (0.23.2)
    Nancy.Hosting.Aspnet (0.23.2)
      Nancy (>= 0.23.2)
    Nancy.Testing (0.23.2)
      CsQuery (>= 1.3.3)
      Nancy (>= 0.23.2)
    Newtonsoft.Json (6.0.6)
    NullGuard.Fody (1.2.0.0)
      Fody (>= 0)
    NUnit (2.6.3)
    r2rml4net (0.4.0.0-pre01)
      DatabaseSchemaReader (>= 1.2.8)
      dotNetRDF (>= 1.0.0)
    Resourcer.Fody (1.2.0.0)
      Fody (>= 1.13.8)
    SpecFlow (1.9.0)
    SpecFlow.NUnit (1.1.1)
      NUnit (>= 2.6)
      SpecFlow (>= 0)
    StyleCop.MSBuild (4.7.49.0)
    StyleCopPlus.MSBuild (4.7.49.4)
      StyleCop.MSBuild (>= 4.7.49.0)
    VDS.Common (1.3.0)
    Zoltu.Versioning (1.1.29.0)
  remote: https://ci.appveyor.com/nuget/jsonld-entities-aavhsnxi7xjp
  specs:
    JsonLd.Entities (0.1.14)
      dotNetRDF (>= 1.0.0)
      json-ld.net (>= 1.0)
  remote: https://ci.appveyor.com/nuget/nancy-rdf-iewr45jar12a
  specs:
    Nancy.RDF (1.0.26)
      JsonLd.Entities (>= 0)
      Nancy (>= 0.23)
